GEM
  remote: http://rubygems.org/
  specs:
    blankslate (3.1.3)
    minitest (5.11.3)
    parslet (1.6.2)
      blankslate (>= 2.0, <= 4.0)
    power_assert (1.1.5)
    test-unit (3.3.3)
      power_assert

PLATFORMS
  ruby

DEPENDENCIES
  minitest
  parslet (~> 1.6.0)
  test-unit

RUBY VERSION
   ruby 2.4.7p357

BUNDLED WITH
   1.16.1
